PATH
  remote: .
  specs:
    socket.io-client-simple (1.2.1)
      event_emitter
      httparty
      json
      websocket-client-simple (~> 0.3.0)

GEM
  remote: https://rubygems.org/
  specs:
    event_emitter (0.2.6)
    httparty (0.21.0)
      mini_mime (>= 1.0.0)
      multi_xml (>= 0.5.2)
    json (2.7.1)
    mini_mime (1.1.5)
    minitest (5.20.0)
    multi_xml (0.6.0)
    rake (13.1.0)
    websocket (1.2.10)
    websocket-client-simple (0.3.1)
      event_emitter
      websocket

PLATFORMS
  ruby

DEPENDENCIES
  bundler
  minitest
  rake
  socket.io-client-simple!

BUNDLED WITH
   2.5.3
